GEM
  remote: https://rubygems.org/
  specs:
    awesome_print (1.8.0)
    cast (0.3.0)
    coderay (1.1.2)
    method_source (0.8.2)
    pry (0.10.4)
      coderay (~> 1.1.0)
      method_source (~> 0.8.1)
      slop (~> 3.4)
    rake (12.0.0)
    rake-compiler (1.0.4)
      rake
    slop (3.6.0)

PLATFORMS
  ruby

DEPENDENCIES
  awesome_print
  cast
  pry
  rake-compiler

BUNDLED WITH
   1.15.4
